GEM
  remote: https://rubygems.org/
  specs:
    activemodel (3.2.12)
      activesupport (= 3.2.12)
      builder (~> 3.0.0)
    activerecord (3.2.12)
      activemodel (= 3.2.12)
      activesupport (= 3.2.12)
      arel (~> 3.0.2)
      tzinfo (~> 0.3.29)
    activesupport (3.2.12)
      i18n (~> 0.6)
      multi_json (~> 1.0)
    arel (3.0.2)
    bluepill (0.0.60)
      activesupport (>= 3.0.0)
      daemons (~> 1.1.4, <= 1.1.6)
      i18n (>= 0.5.0)
      state_machine (~> 1.1.0)
    builder (3.0.4)
    daemons (1.1.6)
    i18n (0.6.4)
    multi_json (1.6.1)
    net-ssh (2.6.6)
    pg (0.14.1)
    state_machine (1.1.2)
    tzinfo (0.3.37)

PLATFORMS
  ruby

DEPENDENCIES
  activerecord
  activesupport
  bluepill
  net-ssh
  pg
